STORAGE: NONE
RESTRICTION: == netstandard2.0
NUGET
  remote: https://www.nuget.org/api/v2
    Fable.Core (2.0.1)
      FSharp.Core (>= 4.5.2)
    Fable.Import.Browser (1.3)
      Fable.Core (>= 1.3.17)
    FSharp.Core (4.5.2)
GITHUB
  remote: nojaf/fable-jest
    fable/Bindings.fs (60b934633faac4222683a097e73a59dec306543b)
    fable/Exports.fs (60b934633faac4222683a097e73a59dec306543b)
    fable/Matchers.fs (60b934633faac4222683a097e73a59dec306543b)